GIT
  remote: git://github.com/ccutrer/mocha.git
  revision: a8713105a8043058bb956eed23b299074e97dd61
  specs:
    mocha (0.13.3)
      metaclass (~> 0.0.1)

GIT
  remote: http://github.com/arrivu/acts-as-taggable-on.git
  revision: 05daba73e0a30674c8dd223381c64a0e0b48e1ce
  branch: multitenant
  specs:
    acts-as-taggable-on (2.1.1)
      rails

GIT
  remote: https://github.com/makandra/rails.git
  revision: e86daf8ff727d5efc0040c876ba00c9444a5d915
  ref: e86daf8ff727d5efc0040c876ba00c9444a5d915
  branch: 2-3-lts
  specs:
    actionmailer (2.3.18)
      actionpack (= 2.3.18)
    actionpack (2.3.18)
      activesupport (= 2.3.18)
      rack (~> 1.1.0)
    activerecord (2.3.18)
      activesupport (= 2.3.18)
    activeresource (2.3.18)
      activesupport (= 2.3.18)
    activesupport (2.3.18)
    rails (2.3.18)
      actionmailer (= 2.3.18)
      actionpack (= 2.3.18)
      activerecord (= 2.3.18)
      activeresource (= 2.3.18)
      activesupport (= 2.3.18)
      rake (>= 0.8.3)

GIT
  remote: https://github.com/regru/premailer.git
  revision: 08a73c70701f5d81bc4a5cf6c959a45ad94db88e
  ref: 08a73c70701f5d81bc4a5cf6c959a45ad94db88e
  specs:
    regru-premailer (1.7.7)
      css_parser (>= 1.1.9)
      htmlentities (>= 4.0.0)

GEM
  remote: http://rubygems.org/
  specs:
    acts_as_commentable (2.1.1)
    addressable (2.3.5)
    adobe_connect (1.0.0)
      activesupport (>= 2.3.17)
      nokogiri (~> 1.5.5)
      rake (>= 0.9.2)
    authlogic (2.1.3)
      activesupport
    aws-sdk (1.8.3.1)
      json (~> 1.4)
      nokogiri (>= 1.4.4)
      uuidtools (~> 2.1)
    barby (0.5.0)
    bcrypt-ruby (3.0.1)
    bluecloth (2.0.10)
    builder (2.1.2)
    canvas_connect (0.1.1)
      adobe_connect (~> 1.0.0)
      rake (>= 0.9.6)
    cassandra-cql (1.1.5)
      simple_uuid (>= 0.2.0)
      thrift_client (>= 0.7.1, < 0.9)
    celluloid (0.15.2)
      timers (~> 1.1.0)
    childprocess (0.3.9)
      ffi (~> 1.0, >= 1.0.11)
    chunky_png (1.2.9)
    coderay (1.1.0)
    coffee-script (2.2.0)
      coffee-script-source
      execjs
    coffee-script-source (1.6.2)
    colored (1.2)
    compass (0.12.2)
      chunky_png (~> 1.2)
      fssm (>= 0.2.7)
      sass (~> 3.1)
    compass-rails (1.0.3)
      compass (>= 0.12.2, < 0.14)
    crocodoc-ruby (0.0.1)
      json
    css_parser (1.3.5)
      addressable
    cssmin (1.0.3)
    daemons (1.1.0)
    diff-lcs (1.1.3)
    dress_code (1.0.2)
      colored
      mustache
      pygments.rb
      redcarpet
    embedly (1.5.5)
      json
      oauth
      querystring
      typhoeus
    encrypted_cookie_store-instructure (1.0.4)
    erubis (2.7.0)
    eventmachine (1.0.3)
    execjs (1.4.0)
      multi_json (~> 1.0)
    fake_arel (1.0.0)
      activerecord (~> 2.3.11)
    fake_rails3_routes (1.0.4)
      journey (= 1.0.4)
    faraday (0.8.8)
      multipart-post (~> 1.2.0)
    ffi (1.1.5)
    ffi-icu (0.1.2)
      ffi (~> 1.0, >= 1.0.9)
    foreigner (0.9.2)
    formatador (0.2.4)
    fssm (0.2.10)
    guard (1.8.0)
      formatador (>= 0.2.4)
      listen (>= 1.0.0)
      lumberjack (>= 1.0.2)
      pry (>= 0.9.10)
      thor (>= 0.14.6)
    hairtrigger (0.2.3)
      activerecord (>= 2.3)
      ruby2ruby (~> 2.0.4)
      ruby_parser (~> 3.0)
    happymapper (0.4.1)
      libxml-ruby (~> 2.0)
    hashery (1.3.0)
    hashie (2.0.5)
    highline (1.6.1)
    hoe (3.7.1)
      rake (>= 0.8, < 11.0)
    htmlentities (4.3.1)
    httpauth (0.2.0)
    i18n (0.6.0)
    i18nema (0.0.7)
      i18n (>= 0.5)
    icalendar (1.1.5)
    instructure-marginalia (1.1.3)
      actionpack (>= 2.3, < 3.3)
      activerecord (>= 2.3, < 3.3)
    instructure-redis-store (1.0.0.2.instructure1)
      redis (= 3.0.1)
      redis (= 3.0.1)
    jammit (0.6.6)
      cssmin (>= 1.0.3)
      jsmin (>= 1.0.1)
    journey (1.0.4)
    jsmin (1.0.1)
    json (1.8.0)
    libxml-ruby (2.6.0)
    listen (2.2.0)
      celluloid (>= 0.15.2)
      rb-fsevent (>= 0.9.3)
      rb-inotify (>= 0.9)
    lumberjack (1.0.4)
    macaddr (1.0.0)
    mail (2.5.3)
      i18n (>= 0.4.0)
      mime-types (~> 1.16)
      treetop (~> 1.4.8)
    metaclass (0.0.1)
    method_source (0.8.2)
    mime-types (1.17.2)
    mini_magick (1.3.2)
      subexec (~> 0.0.4)
    moodle2cc (0.1.10)
      builder
      happymapper
      nokogiri
      rdiscount
      rubyzip
      thor
    multi_json (1.8.2)
    multipart-post (1.2.0)
    mustache (0.99.5)
    mysql2 (0.2.18)
    net-ldap (0.3.1)
    netaddr (1.5.0)
    nokogiri (1.5.6)
    oauth (0.4.7)
    oauth-instructure (0.4.9)
    oauth2 (0.6.1)
      faraday (~> 0.7)
      httpauth (~> 0.1)
      multi_json (~> 1.3)
    omniauth (1.1.4)
      hashie (>= 1.2, < 3)
      rack
    omniauth-facebook (1.4.0)
      omniauth-oauth2 (~> 1.0.2)
    omniauth-google-oauth2 (0.2.1)
      omniauth (~> 1.0)
      omniauth-oauth2
    omniauth-linkedin (0.1.0)
      omniauth-oauth (~> 1.0)
    omniauth-oauth (1.0.1)
      oauth
      omniauth (~> 1.0)
    omniauth-oauth2 (1.0.2)
      oauth2 (~> 0.6.0)
      omniauth (~> 1.0)
    parallel (0.5.16)
    parallelized_specs (0.4.64)
      parallel
    pg (0.15.0)
    polyglot (0.3.3)
    posix-spawn (0.3.6)
    pry (0.9.12.4)
      coderay (~> 1.0)
      method_source (~> 0.8)
      slop (~> 3.4)
    pygments.rb (0.5.4)
      posix-spawn (~> 0.3.6)
      yajl-ruby (~> 1.1.0)
    querystring (0.1.0)
    rack (1.1.3)
    rack-test (0.6.2)
      rack (>= 1.0)
    rake (10.1.0)
    ratom-instructure (0.6.9)
      libxml-ruby (>= 1.1.2)
    rb-fchange (0.0.6)
      ffi
    rb-fsevent (0.9.3)
    rb-inotify (0.9.2)
      ffi (>= 0.5.0)
    rdiscount (1.6.8)
    rdoc (3.12)
      json (~> 1.4)
    recaptcha (0.3.1)
    redcarpet (3.0.0)
    redis (3.0.1)
    redis-scripting (1.0.1)
      redis (>= 3.0)
    ritex (1.0.1)
    rotp (1.4.1)
    rqrcode (0.4.2)
    rscribd (1.2.0)
      mime-types
    rspec (1.3.2)
    rspec-rails (1.3.4)
      rack (>= 1.0.0)
      rspec (~> 1.3.1)
    ruby-saml-mod (0.1.22)
      ffi
      libxml-ruby (>= 2.3.0)
    ruby2ruby (2.0.6)
      ruby_parser (~> 3.1)
      sexp_processor (~> 4.0)
    ruby_parser (3.1.3)
      sexp_processor (~> 4.1)
    rubycas-client (2.2.1)
      activesupport
    rubyzip (0.9.5)
    rufus-scheduler (2.0.6)
    safe_yaml-instructure (0.8.0)
    sanitize (2.0.3)
      nokogiri (>= 1.4.4, < 1.6)
    sass (3.2.3)
    selenium-webdriver (2.35.0)
      childprocess (>= 0.2.5)
      multi_json (~> 1.0)
      rubyzip
      websocket (~> 1.0.4)
    sexp_processor (4.2.1)
    shackles (1.0.0)
      activerecord (>= 2.3)
    simple_uuid (0.4.0)
    slop (3.4.7)
    soap4r-middleware (0.8.3)
      soap4r-ruby1.9 (= 2.0.0)
    soap4r-ruby1.9 (2.0.0)
    sqlite3-ruby (1.3.2)
    statsd-ruby (1.0.0)
    subexec (0.0.4)
    test-unit (1.2.3)
      hoe (>= 1.5.1)
    thin (1.5.1)
      daemons (>= 1.0.9)
      eventmachine (>= 0.12.6)
      rack (>= 1.0.0)
    thor (0.18.1)
    thrift (0.8.0)
    thrift_client (0.8.4)
      thrift (~> 0.8.0)
    timecop (0.6.3)
    timers (1.1.0)
    treetop (1.4.15)
      polyglot
      polyglot (>= 0.3.1)
    typhoeus (0.3.3)
      mime-types
    tzinfo (0.3.35)
    useragent (0.4.16)
    uuid (2.3.2)
      macaddr (~> 1.0)
    uuidtools (2.1.4)
    webrat (0.7.3)
      nokogiri (>= 1.2.0)
      rack (>= 1.0)
      rack-test (>= 0.5.3)
    websocket (1.0.7)
    will_paginate (2.3.15)
    wistia-api (0.2.3)
      activeresource (>= 2.3.8)
    xml-simple (1.0.12)
    ya2yaml (0.30)
    yajl-ruby (1.1.0)
    yard (0.8.0)
    yard-appendix (0.1.8)
      yard (>= 0.8.0)

PLATFORMS
  ruby

DEPENDENCIES
  acts-as-taggable-on!
  acts_as_commentable (= 2.1.1)
  authlogic (= 2.1.3)
  aws-sdk (= 1.8.3.1)
  barby (= 0.5.0)
  bcrypt-ruby (= 3.0.1)
  bluecloth (= 2.0.10)
  builder (= 2.1.2)
  canvas_connect (= 0.1.1)
  cassandra-cql (= 1.1.5)
  coffee-script
  coffee-script-source (= 1.6.2)
  compass-rails (= 1.0.3)
  crocodoc-ruby (= 0.0.1)
  daemons (= 1.1.0)
  diff-lcs (= 1.1.3)
  dress_code (= 1.0.2)
  embedly (= 1.5.5)
  encrypted_cookie_store-instructure (= 1.0.4)
  erubis (= 2.7.0)
  execjs (= 1.4.0)
  fake_arel (= 1.0.0)
  fake_rails3_routes (= 1.0.4)
  ffi (= 1.1.5)
  ffi-icu (= 0.1.2)
  foreigner (= 0.9.2)
  guard (= 1.8.0)
  hairtrigger (= 0.2.3)
  hashery (= 1.3.0)
  highline (= 1.6.1)
  i18n (= 0.6.0)
  i18nema (= 0.0.7)
  icalendar (= 1.1.5)
  instructure-marginalia (= 1.1.3)
  instructure-redis-store (= 1.0.0.2.instructure1)
  jammit (= 0.6.6)
  json (= 1.8.0)
  libxml-ruby (= 2.6.0)
  macaddr (= 1.0.0)
  mail (= 2.5.3)
  mime-types (= 1.17.2)
  mini_magick (= 1.3.2)
  mocha!
  moodle2cc (= 0.1.10)
  mysql2 (= 0.2.18)
  net-ldap (= 0.3.1)
  netaddr (= 1.5.0)
  nokogiri (= 1.5.6)
  oauth-instructure (= 0.4.9)
  oauth2
  omniauth
  omniauth-facebook
  omniauth-google-oauth2
  omniauth-linkedin
  parallel (= 0.5.16)
  parallelized_specs (= 0.4.64)
  pg (= 0.15.0)
  rack (= 1.1.3)
  rails!
  rake (= 10.1.0)
  ratom-instructure (= 0.6.9)
  rb-fchange
  rb-fsevent
  rb-inotify (~> 0.9.0)
  rdiscount (= 1.6.8)
  rdoc (= 3.12)
  recaptcha (= 0.3.1)
  redis (= 3.0.1)
  redis-scripting (= 1.0.1)
  regru-premailer!
  ritex (= 1.0.1)
  rotp (= 1.4.1)
  rqrcode (= 0.4.2)
  rscribd (= 1.2.0)
  rspec (= 1.3.2)
  rspec-rails (= 1.3.4)
  ruby-saml-mod (= 0.1.22)
  ruby_parser (= 3.1.3)
  rubycas-client (= 2.2.1)
  rubyzip (= 0.9.5)
  rufus-scheduler (= 2.0.6)
  safe_yaml-instructure (= 0.8.0)
  sanitize (= 2.0.3)
  sass (= 3.2.3)
  selenium-webdriver (= 2.35.0)
  sexp_processor (= 4.2.1)
  shackles (= 1.0.0)
  soap4r-middleware (= 0.8.3)
  sqlite3-ruby (= 1.3.2)
  statsd-ruby (= 1.0.0)
  test-unit (= 1.2.3)
  thin (= 1.5.1)
  timecop (= 0.6.3)
  tzinfo (= 0.3.35)
  useragent (= 0.4.16)
  uuid (= 2.3.2)
  webrat (= 0.7.3)
  will_paginate (= 2.3.15)
  wistia-api (~> 0.2.3)
  xml-simple (= 1.0.12)
  ya2yaml (= 0.30)
  yard (= 0.8.0)
  yard-appendix (>= 0.1.8)
